GIT
  remote: https://github.com/seuros/capistrano-puma
  revision: 2e9d9b62b2135fd3e72241173c4ac4e064e6a2b1
  specs:
    capistrano3-puma (5.0.1)
      capistrano (~> 3.7)
      capistrano-bundler
      puma (>= 4.0, < 6.0)

GEM
  remote: https://rubygems.org/
  specs:
    airbrussh (1.4.0)
      sshkit (>= 1.6.1, != 1.7.0)
    capistrano (3.14.1)
      airbrussh (>= 1.0.0)
      i18n
      rake (>= 10.0.0)
      sshkit (>= 1.9.0)
    capistrano-bundler (2.0.1)
      capistrano (~> 3.1)
    capistrano-rails (1.6.1)
      capistrano (~> 3.1)
      capistrano-bundler (>= 1.1, < 3)
    capistrano-rbenv (2.2.0)
      capistrano (~> 3.1)
      sshkit (~> 1.3)
    concurrent-ruby (1.1.7)
    i18n (1.8.5)
      concurrent-ruby (~> 1.0)
    net-scp (3.0.0)
      net-ssh (>= 2.6.5, < 7.0.0)
    net-ssh (6.1.0)
    nio4r (2.5.4)
    puma (5.1.0)
      nio4r (~> 2.0)
    rake (13.0.1)
    sshkit (1.21.1)
      net-scp (>= 1.1.2)
      net-ssh (>= 2.8.0)

PLATFORMS
  ruby

DEPENDENCIES
  capistrano (~> 3.14)
  capistrano-bundler
  capistrano-rails
  capistrano-rbenv
  capistrano3-puma!

BUNDLED WITH
   1.17.2
